GEM
  remote: http://rubygems.org/
  specs:
    citrus (2.4.0)

PLATFORMS
  ruby

DEPENDENCIES
  citrus
